GEM
  remote: http://rubygems.org/
  specs:
    activemodel (3.2.22.5)
      activesupport (= 3.2.22.5)
      builder (~> 3.0.0)
    activesupport (3.2.22.5)
      i18n (~> 0.6, >= 0.6.4)
      multi_json (~> 1.0)
    backports (2.6.2)
    bcrypt-ruby (3.0.1)
    builder (3.0.4)
    concurrent-ruby (1.1.9)
    eventmachine (0.12.10)
    i18n (0.9.5)
      concurrent-ruby (~> 1.0)
    mongoid (3.0.1)
      activemodel (~> 3.1)
      moped (~> 1.1.1)
      origin (~> 1.0.3)
      tzinfo (~> 0.3.22)
    moped (1.1.3)
    multi_json (1.15.0)
    origin (1.0.4)
    rack (1.6.13)
    rack-protection (1.5.5)
      rack
    rack-test (0.6.1)
      rack (>= 1.0)
    redis (3.0.1)
    redis-namespace (1.2.0)
      redis (~> 3.0.0)
    resque (1.21.0)
      multi_json (~> 1.0)
      redis-namespace (~> 1.0)
      sinatra (>= 0.9.2)
      vegas (~> 0.1.2)
    sinatra (1.3.2)
      rack (~> 1.3, >= 1.3.6)
      rack-protection (~> 1.2)
      tilt (~> 1.3, >= 1.3.3)
    sinatra-contrib (1.3.1)
      backports (>= 2.0)
      eventmachine
      rack-protection
      rack-test
      sinatra (~> 1.3.0)
      tilt (~> 1.3)
    tilt (1.3.3)
    tzinfo (0.3.33)
    vegas (0.1.11)
      rack (>= 1.0.0)

PLATFORMS
  ruby

DEPENDENCIES
  bcrypt-ruby
  mongoid
  resque
  sinatra
  sinatra-contrib
